GEM
  remote: http://rubygems.org/
  specs:
    addressable (2.7.0)
      public_suffix (>= 2.0.2, < 5.0)
    capybara (3.35.3)
      addressable
      mini_mime (>= 0.1.3)
      nokogiri (~> 1.8)
      rack (>= 1.6.0)
      rack-test (>= 0.6.3)
      regexp_parser (>= 1.5, < 3.0)
      xpath (~> 3.2)
    childprocess (4.1.0)
    diff-lcs (1.4.4)
    mini_mime (1.1.0)
    nokogiri (1.11.7-x86_64-darwin)
      racc (~> 1.4)
    public_suffix (4.0.6)
    racc (1.5.2)
    rack (2.2.3)
    rack-test (1.1.0)
      rack (>= 1.0, < 3)
    regexp_parser (2.1.1)
    rexml (3.2.5)
    rspec (3.10.0)
      rspec-core (~> 3.10.0)
      rspec-expectations (~> 3.10.0)
      rspec-mocks (~> 3.10.0)
    rspec-core (3.10.1)
      rspec-support (~> 3.10.0)
    rspec-expectations (3.10.1)
      diff-lcs (>= 1.2.0, < 2.0)
      rspec-support (~> 3.10.0)
    rspec-mocks (3.10.2)
      diff-lcs (>= 1.2.0, < 2.0)
      rspec-support (~> 3.10.0)
    rspec-support (3.10.2)
    rubyzip (2.3.0)
    selenium-webdriver (4.0.0.beta4)
      childprocess (>= 0.5, < 5.0)
      rexml (~> 3.2)
      rubyzip (>= 1.2.2)
    site_prism (3.7.1)
      addressable (~> 2.5)
      capybara (~> 3.8)
      site_prism-all_there (>= 0.3.1, < 1.0)
    site_prism-all_there (0.3.2)
    xpath (3.2.0)
      nokogiri (~> 1.8)

PLATFORMS
  x86_64-darwin-20

DEPENDENCIES
  capybara (~> 3.35)
  rspec
  selenium-webdriver (~> 4.0.0.beta4, >= 4.0.0.beta4)
  site_prism (~> 3.7)

BUNDLED WITH
   2.2.20
